GEM
  remote: https://rubygems.org/
  specs:
    activesupport (6.0.3.4)
      concurrent-ruby (~> 1.0, >= 1.0.2)
      i18n (>= 0.7, < 2)
      minitest (~> 5.1)
      tzinfo (~> 1.1)
      zeitwerk (~> 2.2, >= 2.2.2)
    addressable (2.7.0)
      public_suffix (>= 2.0.2, < 5.0)
    adsf (1.4.3)
      rack (>= 1.0.0, < 3.0.0)
    adsf-live (1.4.3)
      adsf (~> 1.3)
      em-websocket (~> 0.5)
      eventmachine (~> 1.2)
      listen (~> 3.0)
      rack-livereload (~> 0.3)
    asciidoctor (2.0.11)
    asciidoctor-plantuml (0.0.12)
      asciidoctor (>= 1.5.6, < 3.0.0)
    ast (2.4.1)
    builder (3.2.4)
    byebug (11.1.3)
    coderay (1.1.3)
    colored (1.2)
    concurrent-ruby (1.1.7)
    cri (2.15.10)
    ddmemoize (1.0.0)
      ddmetrics (~> 1.0)
      ref (~> 2.0)
    ddmetrics (1.0.1)
    ddplugin (1.0.2)
    diff-lcs (1.4.4)
    em-websocket (0.5.2)
      eventmachine (>= 0.12.9)
      http_parser.rb (~> 0.6.0)
    eventmachine (1.2.7)
    ffi (1.13.1)
    formatador (0.2.5)
    gitlab-styles (5.0.0)
      rubocop (~> 0.89.1)
      rubocop-gitlab-security (~> 0.1.0)
      rubocop-performance (~> 1.8.1)
      rubocop-rails (~> 2.8)
      rubocop-rspec (~> 1.44)
    gitlab_kramdown (0.10.0)
      asciidoctor-plantuml (= 0.0.12)
      kramdown (~> 2.3.0)
      nokogiri (~> 1.10.10)
      rouge (~> 3.2)
    guard (2.16.2)
      formatador (>= 0.2.4)
      listen (>= 2.7, < 4.0)
      lumberjack (>= 1.0.12, < 2.0)
      nenv (~> 0.1)
      notiffany (~> 0.0)
      pry (>= 0.9.12)
      shellany (~> 0.0)
      thor (>= 0.18.1)
    guard-compat (1.2.1)
    guard-nanoc (2.1.9)
      guard (~> 2.8)
      guard-compat (~> 1.0)
      nanoc-cli (~> 4.11, >= 4.11.14)
      nanoc-core (~> 4.11, >= 4.11.14)
    hamster (3.0.0)
      concurrent-ruby (~> 1.0)
    highline (2.0.3)
    http_parser.rb (0.6.0)
    i18n (1.8.5)
      concurrent-ruby (~> 1.0)
    json_schema (0.20.9)
    kramdown (2.3.0)
      rexml
    listen (3.2.1)
      rb-fsevent (~> 0.10, >= 0.10.3)
      rb-inotify (~> 0.9, >= 0.9.10)
    lumberjack (1.2.8)
    method_source (1.0.0)
    mini_portile2 (2.4.0)
    minitest (5.14.2)
    nanoc (4.11.19)
      addressable (~> 2.5)
      colored (~> 1.2)
      nanoc-checking (~> 1.0)
      nanoc-cli (= 4.11.19)
      nanoc-core (= 4.11.19)
      nanoc-deploying (~> 1.0)
      parallel (~> 1.12)
      tty-command (~> 0.8)
      tty-which (~> 0.4)
    nanoc-checking (1.0.0)
      nanoc-cli (~> 4.11, >= 4.11.15)
      nanoc-core (~> 4.11, >= 4.11.15)
    nanoc-cli (4.11.19)
      cri (~> 2.15)
      diff-lcs (~> 1.3)
      nanoc-core (= 4.11.19)
      zeitwerk (~> 2.1)
    nanoc-core (4.11.19)
      concurrent-ruby (~> 1.1)
      ddmemoize (~> 1.0)
      ddmetrics (~> 1.0)
      ddplugin (~> 1.0)
      hamster (~> 3.0)
      json_schema (~> 0.19)
      slow_enumerator_tools (~> 1.0)
      tomlrb (~> 1.2)
      tty-platform (~> 0.2)
      zeitwerk (~> 2.1)
    nanoc-deploying (1.0.0)
      nanoc-checking (~> 1.0)
      nanoc-cli (~> 4.11, >= 4.11.15)
      nanoc-core (~> 4.11, >= 4.11.15)
    nenv (0.3.0)
    nokogiri (1.10.10)
      mini_portile2 (~> 2.4.0)
    notiffany (0.1.3)
      nenv (~> 0.1)
      shellany (~> 0.0)
    parallel (1.19.2)
    parser (2.7.2.0)
      ast (~> 2.4.1)
    pastel (0.8.0)
      tty-color (~> 0.5)
    pry (0.13.1)
      coderay (~> 1.1)
      method_source (~> 1.0)
    pry-byebug (3.9.0)
      byebug (~> 11.0)
      pry (~> 0.13.0)
    public_suffix (4.0.6)
    rack (2.2.3)
    rack-livereload (0.3.17)
      rack
    rainbow (3.0.0)
    rake (13.0.1)
    rb-fsevent (0.10.4)
    rb-inotify (0.10.1)
      ffi (~> 1.0)
    ref (2.0.0)
    regexp_parser (1.8.2)
    rexml (3.2.4)
    rouge (3.24.0)
    rspec (3.10.0)
      rspec-core (~> 3.10.0)
      rspec-expectations (~> 3.10.0)
      rspec-mocks (~> 3.10.0)
    rspec-core (3.10.0)
      rspec-support (~> 3.10.0)
    rspec-expectations (3.10.0)
      diff-lcs (>= 1.2.0, < 2.0)
      rspec-support (~> 3.10.0)
    rspec-mocks (3.10.0)
      diff-lcs (>= 1.2.0, < 2.0)
      rspec-support (~> 3.10.0)
    rspec-support (3.10.0)
    rubocop (0.89.1)
      parallel (~> 1.10)
      parser (>= 2.7.1.1)
      rainbow (>= 2.2.2, < 4.0)
      regexp_parser (>= 1.7)
      rexml
      rubocop-ast (>= 0.3.0, < 1.0)
      ruby-progressbar (~> 1.7)
      unicode-display_width (>= 1.4.0, < 2.0)
    rubocop-ast (0.8.0)
      parser (>= 2.7.1.5)
    rubocop-gitlab-security (0.1.1)
      rubocop (>= 0.51)
    rubocop-performance (1.8.1)
      rubocop (>= 0.87.0)
      rubocop-ast (>= 0.4.0)
    rubocop-rails (2.8.1)
      activesupport (>= 4.2.0)
      rack (>= 1.1)
      rubocop (>= 0.87.0)
    rubocop-rspec (1.44.1)
      rubocop (~> 0.87)
      rubocop-ast (>= 0.7.1)
    ruby-progressbar (1.10.1)
    sass (3.7.4)
      sass-listen (~> 4.0.0)
    sass-listen (4.0.0)
      rb-fsevent (~> 0.9, >= 0.9.4)
      rb-inotify (~> 0.9, >= 0.9.7)
    sassc (2.4.0)
      ffi (~> 1.9)
    scss_lint (0.59.0)
      sass (~> 3.5, >= 3.5.5)
    shellany (0.0.1)
    slow_enumerator_tools (1.1.0)
    thor (1.0.1)
    thread_safe (0.3.6)
    tomlrb (1.3.0)
    tty-color (0.5.2)
    tty-command (0.10.0)
      pastel (~> 0.8)
    tty-platform (0.3.0)
    tty-which (0.4.2)
    tzinfo (1.2.7)
      thread_safe (~> 0.1)
    unicode-display_width (1.7.0)
    zeitwerk (2.4.1)

PLATFORMS
  ruby

DEPENDENCIES
  adsf (~> 1.4.3)
  adsf-live (~> 1.4.3)
  builder (~> 3.2.4)
  gitlab-styles (~> 5.0.0)
  gitlab_kramdown (~> 0.10.0)
  guard-nanoc
  highline (~> 2.0.3)
  nanoc (~> 4.11.0)
  nokogiri (~> 1.10.10)
  pry-byebug (~> 3.9.0)
  rake (~> 13.0.1)
  rouge (~> 3.24.0)
  rspec (~> 3.10.0)
  sassc (~> 2.4.0)
  scss_lint (~> 0.59.0)

BUNDLED WITH
   2.1.4
